GIT
  remote: https://github.com/guidomb/carthage_cache
  revision: 19babb174423ca6ae16713ff89ecbd5dbf26f770
  branch: master
  specs:
    carthage_cache (0.4.1)
      aws-sdk (~> 2.2.3)
      commander (~> 4.3)

GEM
  remote: https://rubygems.org/
  specs:
    aws-sdk (2.2.37)
      aws-sdk-resources (= 2.2.37)
    aws-sdk-core (2.2.37)
      jmespath (~> 1.0)
    aws-sdk-resources (2.2.37)
      aws-sdk-core (= 2.2.37)
    commander (4.4.0)
      highline (~> 1.7.2)
    highline (1.7.8)
    jmespath (1.3.1)
    rouge (1.11.1)
    xcpretty (0.2.2)
      rouge (~> 1.8)
    xcpretty-travis-formatter (0.0.4)
      xcpretty (~> 0.2, >= 0.0.7)

PLATFORMS
  ruby

DEPENDENCIES
  carthage_cache!
  xcpretty-travis-formatter
